GEM
  remote: http://rubygems.org/
  specs:
    atomic (1.0.1-java)
    rack (1.4.5)
    rack-protection (1.4.0)
      rack
    sinatra (1.3.5)
      rack (~> 1.4)
      rack-protection (~> 1.3)
      tilt (~> 1.3, >= 1.3.3)
    tilt (1.3.5)

PLATFORMS
  java

DEPENDENCIES
  atomic
  sinatra
